GIT
  remote: https://github.com/chetan/scrapi.git
  revision: 30549f0e87ac0b784a7b03d0e6d093fcfd64ec7e
  specs:
    scrapi (2.0.0)
      tidy_ffi (>= 0.1.2)

GEM
  remote: https://rubygems.org/
  specs:
    awesome_print (1.1.0)
    duration (0.1.0)
    ffi (1.1.5)
    htmlentities (4.3.1)
    shorturl (0.8.8)
    tidy_ffi (0.1.4)
      ffi (>= 0.3.5)
    tzinfo (0.3.35)
    yahoo_sports (0.2.0)
      scrapi (>= 1.2.0)
      tzinfo (>= 0.3.15)
    yahoofinance (1.2.2)

PLATFORMS
  ruby

DEPENDENCIES
  awesome_print
  duration
  htmlentities
  scrapi!
  shorturl
  tzinfo
  yahoo_sports
  yahoofinance
